GEM
  remote: https://rubygems.org/
  specs:
    cuba (3.9.2)
      rack (>= 1.6.0)
    mote (1.3.0)
    rack (2.0.4)

PLATFORMS
  ruby

DEPENDENCIES
  cuba (~> 3.9.2)
  mote (~> 1.3.0)

BUNDLED WITH
   1.16.1
